PATH
  remote: .
  specs:
    roxml (4.2.0)
      concurrent-ruby (~> 1.1)
      dry-core (>= 0.4)
      nokogiri (>= 1.3.3)
      rexml
      time (~> 0.3.0)

GEM
  remote: http://rubygems.org/
  specs:
    activemodel (7.1.3.3)
      activesupport (= 7.1.3.3)
    activerecord (7.1.3.3)
      activemodel (= 7.1.3.3)
      activesupport (= 7.1.3.3)
      timeout (>= 0.4.0)
    activesupport (7.1.3.3)
      base64
      bigdecimal
      concurrent-ruby (~> 1.0, >= 1.0.2)
      connection_pool (>= 2.2.5)
      drb
      i18n (>= 1.6, < 2)
      minitest (>= 5.1)
      mutex_m
      tzinfo (~> 2.0)
    base64 (0.2.0)
    bigdecimal (3.1.8)
    concurrent-ruby (1.2.3)
    connection_pool (2.4.1)
    date (3.3.4)
    diff-lcs (1.5.1)
    drb (2.2.1)
    dry-core (1.0.1)
      concurrent-ruby (~> 1.0)
      zeitwerk (~> 2.6)
    equivalent-xml (0.6.0)
      nokogiri (>= 1.4.3)
    i18n (1.14.5)
      concurrent-ruby (~> 1.0)
    mini_portile2 (2.8.6)
    minitest (5.23.0)
    mutex_m (0.2.0)
    nokogiri (1.16.5)
      mini_portile2 (~> 2.8.2)
      racc (~> 1.4)
    racc (1.8.0)
    rake (13.2.1)
    rexml (3.2.8)
      strscan (>= 3.0.9)
    rspec (3.13.0)
      rspec-core (~> 3.13.0)
      rspec-expectations (~> 3.13.0)
      rspec-mocks (~> 3.13.0)
    rspec-core (3.13.0)
      rspec-support (~> 3.13.0)
    rspec-expectations (3.13.0)
      diff-lcs (>= 1.2.0, < 2.0)
      rspec-support (~> 3.13.0)
    rspec-mocks (3.13.1)
      diff-lcs (>= 1.2.0, < 2.0)
      rspec-support (~> 3.13.0)
    rspec-support (3.13.1)
    sqlite3 (1.7.3)
      mini_portile2 (~> 2.8.0)
    strscan (3.1.0)
    time (0.3.0)
      date
    timeout (0.4.1)
    tzinfo (2.0.6)
      concurrent-ruby (~> 1.0)
    zeitwerk (2.6.14)

PLATFORMS
  ruby

DEPENDENCIES
  activerecord (>= 4.0)
  equivalent-xml (>= 0.6.0)
  minitest
  rake (>= 0.9)
  roxml!
  rspec (>= 3.7.0)
  sqlite3 (~> 1.4)

BUNDLED WITH
   2.5.10
